GEM
  specs:
    file-tail (1.0.12)
      tins (~> 0.5)
    terminal-notifier (1.4.2)
    tins (0.6.0)

PLATFORMS
  ruby

DEPENDENCIES
  file-tail
  terminal-notifier
